GIT
  remote: git://github.com/fracturedatlas/athena_resource.git
  revision: 31a2b810ac90cb29848a26670c3c1c58cb0bb661
  specs:
    athena_resource (0.0.3)

PATH
  remote: vendor/gems/set_watch_for-0.0.1
  specs:
    set_watch_for (0.0.1)

PATH
  remote: vendor/gems/swiper-0.0.1
  specs:
    swiper (0.0.1)

GEM
  remote: http://rubygems.org/
  specs:
    ZenTest (4.7.0)
    actionmailer (3.2.6)
      actionpack (= 3.2.6)
      mail (~> 2.4.4)
    actionpack (3.2.6)
      activemodel (= 3.2.6)
      activesupport (= 3.2.6)
      builder (~> 3.0.0)
      erubis (~> 2.7.0)
      journey (~> 1.0.1)
      rack (~> 1.4.0)
      rack-cache (~> 1.2)
      rack-test (~> 0.6.1)
      sprockets (~> 2.1.3)
    active_utils (1.0.3)
      activesupport (>= 2.3.11)
      i18n
    activemerchant (1.20.4)
      active_utils (>= 1.0.2)
      activesupport (>= 2.3.11)
      braintree (>= 2.0.0)
      builder (>= 2.0.0)
      i18n
      json (>= 1.5.1)
      money (<= 3.7.1)
    activemodel (3.2.6)
      activesupport (= 3.2.6)
      builder (~> 3.0.0)
    activerecord (3.2.6)
      activemodel (= 3.2.6)
      activesupport (= 3.2.6)
      arel (~> 3.0.2)
      tzinfo (~> 0.3.29)
    activerecord-import (0.2.9)
      activerecord (~> 3.0)
      activerecord (~> 3.0)
    activeresource (3.2.6)
      activemodel (= 3.2.6)
      activesupport (= 3.2.6)
    activesupport (3.2.6)
      i18n (~> 0.6)
      multi_json (~> 1.0)
    acts-as-taggable-on (2.1.1)
      rails
    addressable (2.2.8)
    arel (3.0.2)
    autotest-fsevent (0.2.8)
      sys-uname
    autotest-growl (0.2.16)
    autotest-rails (4.1.2)
      ZenTest (~> 4.5)
    awesome_print (0.4.0)
    aws-sdk (1.3.2)
    bcrypt-ruby (3.0.1)
    bootstrap-will_paginate (0.0.7)
      will_paginate
    braintree (2.13.4)
      builder (>= 2.0.0)
    builder (3.0.0)
    cancan (1.6.5)
    capybara (1.1.2)
      mime-types (>= 1.16)
      nokogiri (>= 1.3.3)
      rack (>= 1.0.0)
      rack-test (>= 0.5.4)
      selenium-webdriver (~> 2.0)
      xpath (~> 0.1.4)
    childprocess (0.3.2)
      ffi (~> 1.0.6)
    cocaine (0.2.1)
    coffee-rails (3.2.2)
      coffee-script (>= 2.2.0)
      railties (~> 3.2.0)
    coffee-script (2.2.0)
      coffee-script-source
      execjs
    coffee-script-source (1.3.3)
    comma (3.0.3)
    configuration (1.2.0)
    copycopter_client (2.0.1)
      i18n (>= 0.5.0)
      json
    crack (0.1.8)
    cucumber (1.1.4)
      builder (>= 2.1.2)
      diff-lcs (>= 1.1.2)
      gherkin (~> 2.7.1)
      json (>= 1.4.6)
      term-ansicolor (>= 1.0.6)
    cucumber-rails (1.2.1)
      capybara (>= 1.1.2)
      cucumber (>= 1.1.3)
      nokogiri (>= 1.5.0)
    daemons (1.1.4)
    database_cleaner (0.6.7)
    delayed_job (3.0.2)
      activesupport (~> 3.0)
    delayed_job_active_record (0.3.2)
      activerecord (> 2.1.0)
      delayed_job (~> 3.0.0)
    devise (2.0.4)
      bcrypt-ruby (~> 3.0)
      orm_adapter (~> 0.0.3)
      railties (~> 3.1)
      warden (~> 1.1.1)
    devise_invitable (1.0.2)
      devise (>= 2.0.0)
      rails (~> 3.0)
    diff-lcs (1.1.3)
    dynamic_form (1.1.4)
    erubis (2.7.0)
    escape_utils (0.2.3)
    eventmachine (0.12.10)
    exceptional (2.0.32)
      rack
    execjs (1.4.0)
      multi_json (~> 1.0)
    factory_girl (2.1.2)
      activesupport
    factory_girl_rails (1.2.0)
      factory_girl (~> 2.1.0)
      railties (>= 3.0.0)
    faker (0.9.5)
      i18n (~> 0.4)
    fakeweb (1.3.0)
    ffi (1.0.11)
    gherkin (2.7.1)
      json (>= 1.4.6)
    gibbon (0.3.5)
      httparty (> 0.6.0)
      httparty (> 0.6.0)
      json (> 1.4.0)
      json (> 1.4.0)
      rdoc
    gravatar_image_tag (1.0.0)
    guard (1.2.1)
      listen (>= 0.4.2)
      thor (>= 0.14.6)
    guard-rspec (1.1.0)
      guard (>= 1.1)
    haml (3.1.6)
    heroku (2.20.1)
      launchy (>= 0.3.2)
      rest-client (~> 1.6.1)
      rubyzip
      term-ansicolor (~> 1.0.5)
    hike (1.2.1)
    httparty (0.7.8)
      crack (= 0.1.8)
    i18n (0.6.0)
    journey (1.0.4)
    jquery-rails (1.0.19)
      railties (~> 3.0)
      thor (~> 0.14)
    json (1.7.3)
    launchy (0.4.0)
      configuration (>= 0.0.5)
    libv8 (3.3.10.4)
    libwebsocket (0.1.3)
      addressable
    listen (0.4.6)
      rb-fchange (~> 0.0.5)
      rb-fsevent (~> 0.9.1)
      rb-inotify (~> 0.8.8)
    macaddr (1.0.0)
    mail (2.4.4)
      i18n (>= 0.4.0)
      mime-types (~> 1.16)
      treetop (~> 1.4.8)
    mime-types (1.18)
    money (3.7.1)
      i18n (~> 0.4)
    multi_json (1.3.6)
    mysql2 (0.3.11)
    newrelic_rpm (3.1.1)
    nokogiri (1.5.4)
    orm_adapter (0.0.7)
    paperclip (2.5.2)
      activerecord (>= 2.3.0)
      activesupport (>= 2.3.2)
      cocaine (>= 0.0.2)
      mime-types
    polyamorous (0.5.0)
      activerecord (~> 3.0)
    polyglot (0.3.3)
    pr_geohash (1.0.0)
    proxies (0.2.1)
    rack (1.4.1)
    rack-cache (1.2)
      rack (>= 0.4)
    rack-canonical-host (0.0.3)
      rack (>= 1.0.0)
    rack-jsonp-middleware (0.0.5)
      rack
    rack-ssl (1.3.2)
      rack
    rack-ssl-enforcer (0.2.4)
    rack-test (0.6.1)
      rack (>= 1.0)
    rails (3.2.6)
      actionmailer (= 3.2.6)
      actionpack (= 3.2.6)
      activerecord (= 3.2.6)
      activeresource (= 3.2.6)
      activesupport (= 3.2.6)
      bundler (~> 1.0)
      railties (= 3.2.6)
    rails-footnotes (3.7.5.rc4)
      rails (>= 3.0.0)
    railties (3.2.6)
      actionpack (= 3.2.6)
      activesupport (= 3.2.6)
      rack-ssl (~> 1.3.2)
      rake (>= 0.8.7)
      rdoc (~> 3.4)
      thor (>= 0.14.6, < 2.0)
    rake (0.8.7)
    rb-fchange (0.0.5)
      ffi
    rb-fsevent (0.9.1)
    rb-inotify (0.8.8)
      ffi (>= 0.5.0)
    rdoc (3.12)
      json (~> 1.4)
    rest-client (1.6.7)
      mime-types (>= 1.16)
    restful_metrics (1.1.2)
      rest-client (~> 1.6.0)
      yajl-ruby (~> 0.8.1)
    rsolr (1.0.8)
      builder (>= 2.1.2)
    rspec (2.10.0)
      rspec-core (~> 2.10.0)
      rspec-expectations (~> 2.10.0)
      rspec-mocks (~> 2.10.0)
    rspec-core (2.10.1)
    rspec-expectations (2.10.0)
      diff-lcs (~> 1.1.3)
    rspec-mocks (2.10.1)
    rspec-rails (2.10.1)
      actionpack (>= 3.0)
      activesupport (>= 3.0)
      railties (>= 3.0)
      rspec (~> 2.10.0)
    rubyzip (0.9.9)
    s3 (0.3.11)
      proxies (~> 0.2.0)
    sass (3.1.19)
    sass-rails (3.2.5)
      railties (~> 3.2.0)
      sass (>= 3.1.10)
      tilt (~> 1.3)
    selenium-webdriver (2.24.0)
      childprocess (>= 0.2.5)
      libwebsocket (~> 0.1.3)
      multi_json (~> 1.0)
      rubyzip
    shoulda (2.11.3)
    spork (1.0.0rc3)
    spork-rails (3.2.0)
      rails (>= 3.0.0, < 3.3.0)
      spork (>= 1.0rc0)
    sprockets (2.1.3)
      hike (~> 1.2)
      rack (~> 1.0)
      tilt (~> 1.1, != 1.3.0)
    sqlite3 (1.3.6)
    squeel (1.0.6)
      activerecord (~> 3.0)
      activesupport (~> 3.0)
      polyamorous (~> 0.5.0)
    sunspot (1.3.3)
      pr_geohash (~> 1.0)
      rsolr (~> 1.0.7)
    sunspot_rails (1.3.3)
      nokogiri
      sunspot (= 1.3.3)
    sunspot_solr (1.3.3)
    sys-uname (0.9.0)
      ffi (>= 1.0.0)
    term-ansicolor (1.0.7)
    therubyracer (0.10.1)
      libv8 (~> 3.3.10)
    thin (1.2.11)
      daemons (>= 1.0.9)
      eventmachine (>= 0.12.6)
      rack (>= 1.0.0)
    thor (0.15.3)
    tilt (1.3.3)
    timecop (0.3.5)
    timeliness (0.3.4)
    transitions (0.0.11)
    treetop (1.4.10)
      polyglot
      polyglot (>= 0.3.1)
    tzinfo (0.3.33)
    uglifier (1.2.5)
      execjs (>= 0.3.0)
      multi_json (~> 1.3)
    uuid (2.3.2)
      macaddr (~> 1.0)
    validates_timeliness (3.0.6)
      timeliness (~> 0.3.3)
    warden (1.1.1)
      rack (>= 1.0)
    will_paginate (3.0.3)
    wirble (0.1.3)
    xpath (0.1.4)
      nokogiri (~> 1.3)
    yajl-ruby (0.8.3)

PLATFORMS
  ruby

DEPENDENCIES
  activemerchant
  activerecord-import (= 0.2.9)
  acts-as-taggable-on (~> 2.1.0)
  athena_resource (= 0.0.3)!
  autotest-fsevent
  autotest-growl
  autotest-rails
  awesome_print
  aws-sdk
  bootstrap-will_paginate
  cancan
  capybara
  coffee-rails (= 3.2.2)
  comma (= 3.0.3)
  copycopter_client (= 2.0.1)
  cucumber-rails
  database_cleaner
  delayed_job (= 3.0.2)
  delayed_job_active_record (= 0.3.2)
  devise (= 2.0.4)
  devise_invitable (= 1.0.2)
  dynamic_form
  escape_utils
  exceptional
  factory_girl (~> 2.1.0)
  factory_girl_rails (~> 1.2.0)
  faker
  fakeweb
  gibbon
  gravatar_image_tag
  guard
  guard-rspec
  haml
  heroku (> 2.20)
  httparty
  jquery-rails (>= 1.0.19)
  launchy
  mail
  mysql2 (= 0.3.11)
  newrelic_rpm
  nokogiri
  paperclip (>= 2.5.0)
  rack-canonical-host
  rack-jsonp-middleware
  rack-ssl-enforcer
  rails (= 3.2.6)
  rails-footnotes (>= 3.7.5.rc4)
  rake (= 0.8.7)
  restful_metrics
  rspec-rails (~> 2.10.0)
  s3 (>= 0.3.11)
  sass
  sass-rails (= 3.2.5)
  set_watch_for!
  shoulda
  spork-rails
  sqlite3 (= 1.3.6)
  squeel
  sunspot_rails (= 1.3.3)
  sunspot_solr (= 1.3.3)
  swiper!
  therubyracer
  thin
  timecop
  transitions
  uglifier (= 1.2.5)
  uuid
  validates_timeliness
  will_paginate (~> 3.0)
  wirble
